PATH
  remote: .
  specs:
    findcity (0.1.0)

GEM
  remote: https://rubygems.org/
  specs:
    minitest (5.14.4)
    rake (13.0.6)

PLATFORMS
  x86_64-darwin-20

DEPENDENCIES
  findcity!
  minitest
  rake (~> 13.0)

BUNDLED WITH
   2.2.20
